PATH
  remote: .
  specs:
    crystalruby (0.2.1)
      digest
      ffi
      fileutils
      method_source

GEM
  remote: https://rubygems.org/
  specs:
    ast (2.4.2)
    debug (1.9.2)
      irb (~> 1.10)
      reline (>= 0.3.8)
    digest (3.1.1)
    ffi (1.16.3)
    fileutils (1.7.2)
    get_process_mem (0.2.7)
      ffi (~> 1.0)
    io-console (0.7.2)
    irb (1.12.0)
      rdoc
      reline (>= 0.4.2)
    json (2.7.1)
    language_server-protocol (3.17.0.3)
    method_source (1.0.0)
    minitest (5.22.3)
    parallel (1.24.0)
    parser (3.3.0.5)
      ast (~> 2.4.1)
      racc
    psych (5.1.2)
      stringio
    racc (1.7.3)
    rainbow (3.1.1)
    rake (13.1.0)
    rdoc (6.6.3.1)
      psych (>= 4.0.0)
    regexp_parser (2.9.0)
    reline (0.5.2)
      io-console (~> 0.5)
    rexml (3.2.6)
    rubocop (1.62.1)
      json (~> 2.3)
      language_server-protocol (>= 3.17.0)
      parallel (~> 1.10)
      parser (>= 3.3.0.2)
      rainbow (>= 2.2.2, < 4.0)
      regexp_parser (>= 1.8, < 3.0)
      rexml (>= 3.2.5, < 4.0)
      rubocop-ast (>= 1.31.1, < 2.0)
      ruby-progressbar (~> 1.7)
      unicode-display_width (>= 2.4.0, < 3.0)
    rubocop-ast (1.31.2)
      parser (>= 3.3.0.4)
    ruby-progressbar (1.13.0)
    stringio (3.1.0)
    unicode-display_width (2.5.0)

PLATFORMS
  arm64-darwin-22
  ruby

DEPENDENCIES
  crystalruby!
  debug (>= 1.0.0)
  get_process_mem
  minitest (~> 5.16)
  rake (~> 13.0)
  rubocop (~> 1.21)

BUNDLED WITH
   2.5.3
